PATH
  remote: .
  specs:
    Yamate (0.0.1)
      faraday
      faye-websocket
      haml
      puma
      sinatra

GEM
  remote: https://rubygems.org/
  specs:
    dotenv (0.9.0)
    eventmachine (1.0.3)
    faraday (0.9.0)
      multipart-post (>= 1.2, < 3)
    faye-websocket (0.7.2)
      eventmachine (>= 0.12.0)
      websocket-driver (>= 0.3.1)
    foreman (0.63.0)
      dotenv (>= 0.7)
      thor (>= 0.13.6)
    haml (4.0.5)
      tilt
    multipart-post (2.0.0)
    puma (2.7.1)
      rack (>= 1.1, < 2.0)
    rack (1.5.2)
    rack-protection (1.5.2)
      rack
    rake (10.1.1)
    sinatra (1.4.4)
      rack (~> 1.4)
      rack-protection (~> 1.4)
      tilt (~> 1.3, >= 1.3.4)
    thor (0.18.1)
    tilt (1.4.1)
    websocket-driver (0.3.2)

PLATFORMS
  ruby

DEPENDENCIES
  Yamate!
  bundler (~> 1.5)
  foreman
  rake
